PATH
  remote: .
  specs:
    crack (0.3.2)
      safe_yaml (~> 0.9.0)

GEM
  remote: https://rubygems.org/
  specs:
    jnunemaker-matchy (0.4.0)
    minitest (5.0.3)
    rake (10.0.3)
    safe_yaml (0.9.2)

PLATFORMS
  ruby

DEPENDENCIES
  crack!
  jnunemaker-matchy
  minitest
  rake
